PATH
  remote: .
  specs:
    vimgem (0.1.0)

GEM
  remote: http://rubygems.org/
  specs:

PLATFORMS
  ruby

DEPENDENCIES
  vimgem!
